GEM
  remote: https://rubygems.org/
  specs:
    chronic (0.10.2)
    faraday (0.12.1)
      multipart-post (>= 1.2, < 3)
    multipart-post (2.0.0)
    slack-notifier (2.2.1)
    whenever (0.9.7)
      chronic (>= 0.6.3)

PLATFORMS
  ruby

DEPENDENCIES
  faraday
  slack-notifier
  whenever

BUNDLED WITH
   1.13.7
